GEM
  remote: http://rubygems.org/
  specs:
    activesupport (3.0.11)
    git (1.2.5)
    httparty (0.8.1)
      multi_json
      multi_xml
    i18n (0.6.0)
    jeweler (1.6.4)
      bundler (~> 1.0)
      git (>= 1.2.5)
      rake
    multi_json (1.0.4)
    multi_xml (0.4.1)
    rake (0.9.2.2)
    rcov (0.9.11)
    shoulda (2.11.3)

PLATFORMS
  ruby

DEPENDENCIES
  activesupport (= 3.0.11)
  bundler (~> 1.0.0)
  httparty (~> 0.8.1)
  i18n
  jeweler (~> 1.6.4)
  rcov
  shoulda
